GEM
  remote: https://rubygems.org/
  specs:
    amq-protocol (2.0.1)
    bunny (2.5.0)
      amq-protocol (>= 2.0.1)
    cool.io (1.4.4)
    msgpack (0.5.12)
    msgpack-rpc (0.5.4)
      cool.io (~> 1.4.3)
      msgpack (~> 0.5.10)
    sha3 (1.0.1)

PLATFORMS
  ruby

DEPENDENCIES
  bunny (>= 2.2.2)
  msgpack-rpc
  sha3

BUNDLED WITH
   1.12.5
